PATH
  remote: .
  specs:
    rain (1.0.11)
      activesupport (>= 3.2)
      thor

GEM
  remote: https://rubygems.org/
  specs:
    activesupport (3.2.18)
      i18n (~> 0.6, >= 0.6.4)
      multi_json (~> 1.0)
    diff-lcs (1.2.5)
    i18n (0.6.9)
    multi_json (1.10.0)
    rake (0.9.6)
    rspec (2.14.1)
      rspec-core (~> 2.14.0)
      rspec-expectations (~> 2.14.0)
      rspec-mocks (~> 2.14.0)
    rspec-core (2.14.8)
    rspec-expectations (2.14.5)
      diff-lcs (>= 1.1.3, < 2.0)
    rspec-mocks (2.14.6)
    thor (0.16.0)

PLATFORMS
  ruby

DEPENDENCIES
  rain!
  rake
  rspec
